GEM
  remote: https://rubygems.org/
  specs:
    bson (4.15.0)
    concurrent-ruby (1.1.10)
    i18n (1.12.0)
      concurrent-ruby (~> 1.0)
    mongo (2.17.1)
      bson (>= 4.8.2, < 5.0.0)

PLATFORMS
  x86_64-linux

DEPENDENCIES
  i18n
  mongo

BUNDLED WITH
   2.3.15
