GEM
  remote: https://rubygems.org/
  specs:
    bson (4.15.0)
    mongo (2.17.1)
      bson (>= 4.8.2, < 5.0.0)

PLATFORMS
  x86_64-linux

DEPENDENCIES
  mongo

BUNDLED WITH
   2.3.10
